PATH
  remote: .
  specs:
    jsduck (4.0.beta2)
      json
      parallel
      rdiscount
      therubyracer

GEM
  remote: http://rubygems.org/
  specs:
    chunky_png (1.2.5)
    compass (0.12.2)
      chunky_png (~> 1.2)
      fssm (>= 0.2.7)
      sass (~> 3.1)
    diff-lcs (1.1.3)
    fssm (0.2.9)
    json (1.7.4)
    libv8 (3.3.10.4)
    parallel (0.5.17)
    rake (0.9.2.2)
    rdiscount (1.6.8)
    rspec (2.11.0)
      rspec-core (~> 2.11.0)
      rspec-expectations (~> 2.11.0)
      rspec-mocks (~> 2.11.0)
    rspec-core (2.11.1)
    rspec-expectations (2.11.2)
      diff-lcs (~> 1.1.3)
    rspec-mocks (2.11.1)
    sass (3.1.20)
    therubyracer (0.10.1)
      libv8 (~> 3.3.10)

PLATFORMS
  ruby
  x86-mingw32

DEPENDENCIES
  compass
  jsduck!
  rake
  rspec
